##TITLE= Parameter file, TopSpin 3.5 pl 6
##JCAMPDX= 5.0
##DATATYPE= Parameter Values
##NPOINTS= 288190	$$ modification sequence number
##ORIGIN= Bruker BioSpin GmbH
##OWNER= nmrsu
$$ 2019-05-27 17:04:41.611 +0200  gif@dumbo
$$ /opt/topspin3.5pl6/conf/instr/spect/specpar
$$ process /opt/topspin3.5pl6/prog/mod/hconfserver
##$ANCIEN= (0..7)
0 0 0 0 0 0 0 0
##$BF1= 100.13
##$BF2= 100.13
##$BF3= 100.13
##$DEC= 1
##$DECB= 1
##$DEF19F= yes
##$DEFRSEL= yes
##$HPMOD= (0..7)
0 0 0 0 0 0 0 0
##$HPPRECH= (0..15)
-1 -1 -1 -1 -1 -1 -1 -1 -1 -1 -1 -1 -1 -1 -1 -1
##$HPSELECT= no
##$LOCSW19F= -1
##$LOCSW2H= -1
##$NUC1= 1
##$NUC2= 0
##$NUC3= 0
##$NUC4= 0
##$NUC5= 0
##$NUC6= 0
##$NUC7= 0
##$NUC8= 0
##$NUCARR= (0..123)
949.651 949.651 145.777210545 1012.935495731 723.434407374 139.75145786
369.070436848 133.443182673 102.027255634 304.685779931 238.78993388 68.624791654
96.227300137 128.739029465 893.564716402 74.968260907 251.200732869 58.134167994
247.449222062 188.668940017 384.42577121 72.89521076 93.045940798 77.45092402
44.314257858 24.323458546 63.911787699 230.686818303 53.536898006 53.551171261
94.683139122 249.786208711 53.678984789 235.411056629 30.747591155 225.324395512
84.861297682 251.804454499 269.735954611 59.417792258 227.929098275 289.612254503
33.126818281 162.605075077 181.11281392 49.55014915 237.92537161 256.467668252
36.538771876 91.688262749 310.730118616 41.156183961 46.534779309 88.28238692
232.438193167 61.888052928 63.186881104 213.750542942 43.732862523 49.014992322
30.2601258 43.456979411 38.440153612 44.19232267 201.473017975 210.757708319
207.648361015 208.093500425 310.713927066 338.382103916 354.130859694 227.256963786
123.067333833 248.5212166 299.612696806 190.001290874 264.099709451 78.288478216
124.557573664 94.342670245 105.534031881 125.299801893 134.144291013 290.7831362
51.7559795 31.9082736 39.6004467 32.6679944 236.0832386 104.2716798 29.1542857
38.2709353 228.2961004 32.6679944 45.7731782 202.6555234 27.3499488 78.7260679
166.182334422 45.78267471 108.29820004 77.21612281 38.05251557 23.90271567
113.859356296 39.566135809 213.905089146 216.060796916 21.674179165 73.744198754
16.31500418 17.76797021 204.144424224 16.41946579 170.090300231 62.786964075
542.471040032 547.795144405 198.672677609 152.602154185 17.486873514 34.4723313
100 100
##$NUCOFFS= (0..127)
<1H> <13C> <15N> <31P> <2H> <14N> <17O> <6Li> <19F> <3H> <21Ne> <11B> <>
<> <> <> <> <> <> <> <> <> <> <> <> <> <> <> <> <> <> <> <> <> <> <> <>
<> <> <> <> <> <> <> <> <> <> <> <> <> <> <> <> <> <> <> <> <> <> <> <>
<> <> <> <> <> <> <> <> <> <> <> <> <> <> <> <> <> <> <> <> <> <> <> <>
<> <> <> <> <> <> <> <> <> <> <> <> <> <> <> <> <> <> <> <> <> <> <> <>
<> <> <> <> <> <> <> <> <> <> <> <> <> <> <> <> <> <> <>
##$OBS= 1
##$OFFS= (0..127)
5864.1 10745.55 11361.74 0 0 0 0 0 0 0 0 0 0 0 0 0 0 0 0 0 0 0 0 0 0 0
0 0 0 0 0 0 0 0 0 0 0 0 0 0 0 0 0 0 0 0 0 0 0 0 0 0 0 0 0 0 0 0 0 0 0 0
0 0 0 0 0 0 0 0 0 0 0 0 0 0 0 0 0 0 0 0 0 0 0 0 0 0 0 0 0 0 0 0 0 0 0 0
0 0 0 0 0 0 0 0 0 0 0 0 0 0 0 0 0 0 0 0 0 0 0 0 0 0 0 0 0 0
##$OFFSF= (0..7)
0 0 0 0 0 0 0 0
##$OFFSH= (0..7)
4455.90000003904 0 0 0 0 0 0 0
##$OFFSX= (0..7)
0 0 0 0 0 0 0 0
##$OFFSXAS= (0..7)
0 0 0 0 0 0 0 0
##$OFSF1= 0
##$OFSF2= 0
##$OFSH1= 0
##$OFSH2= 0
##$OFSH3= 0
##$OFSX1= 0
##$OFSX2= 0
##$OFSY= 0
##$PACOIL= (0..15)
0 0 0 0 0 0 0 0 0 0 0 0 0 0 0 0
##$PRECHAN= (0..15)
-1 4 0 1 5 -1 3 -1 -1 -1 -1 -1 -1 -1 -1 -1
##$RECPRE= (0..15)
-1 0 -1 -1 -1 -1 -1 -1 -1 -1 -1 -1 -1 -1 -1 -1
##$RECPRFX= (0..15)
1 0 0 0 0 0 0 0 0 0 0 0 0 0 0 0
##$RECSEL= (0..15)
0 0 0 0 1 0 0 0 0 0 0 0 0 0 0 0
##$SELREC= (0..9)
0 0 0 0 0 0 0 0 0 0
##$SFO1= 949.655463
##$SFO2= 949.655463
##$SFO3= 949.655463
##$SFO4= 949.655463
##$SFO5= 949.655463
##$SFO6= 949.655463
##$SFO7= 949.655463
##$SFO8= 949.655463
##$TY= (0..123)
0 0 0 0 0 0 0 0 0 0 0 0 0 0 0 0 0 0 0 0 0 0 0 0 0 0 0 0 0 0 0 0 0 0 0 0
0 0 0 0 0 0 0 0 0 0 0 0 0 0 0 0 0 0 0 0 0 0 0 0 0 0 0 0 0 0 0 0 0 0 0 0
0 0 0 0 0 0 0 0 0 0 0 0 0 0 0 0 0 0 0 0 0 0 0 0 0 0 0 0 0 0 0 0 0 0 0 0
0 0 0 0 0 0 0 0 0 0 0 0 0 0 0 0
##END=
